GEM
  remote: https://rubygems.org/
  specs:
    addressable (2.8.5)
      public_suffix (>= 2.0.2, < 6.0)
    byebug (11.1.3)
    colorize (1.1.0)
    deep_merge (1.2.2)
    dotenv (2.8.1)
    git (1.18.0)
      addressable (~> 2.8)
      rchardet (~> 1.8)
    pastel (0.8.0)
      tty-color (~> 0.5)
    public_suffix (5.0.3)
    rchardet (1.8.0)
    tty-color (0.6.0)
    tty-command (0.10.1)
      pastel (~> 0.8)

PLATFORMS
  arm64-darwin-22
  universal-darwin-20
  x86_64-darwin-21
  x86_64-linux

DEPENDENCIES
  byebug
  colorize
  deep_merge
  dotenv
  git
  tty-command

BUNDLED WITH
   2.4.6
