GEM
  remote: https://rubygems.org/
  specs:
    colorize (0.8.1)
    deep_merge (1.2.1)
    dotenv (2.7.6)
    git (1.9.1)
      rchardet (~> 1.8)
    pastel (0.8.0)
      tty-color (~> 0.5)
    rchardet (1.8.0)
    tty-color (0.6.0)
    tty-command (0.10.1)
      pastel (~> 0.8)

PLATFORMS
  universal-darwin-20
  x86_64-darwin-21

DEPENDENCIES
  colorize
  deep_merge
  dotenv
  git
  tty-command

BUNDLED WITH
   2.2.26
